GEM
  remote: https://rubygems.org/
  specs:
    actioncable (5.0.7)
      actionpack (= 5.0.7)
      nio4r (>= 1.2, < 3.0)
      websocket-driver (~> 0.6.1)
    actionmailer (5.0.7)
      actionpack (= 5.0.7)
      actionview (= 5.0.7)
      activejob (= 5.0.7)
      mail (~> 2.5, >= 2.5.4)
      rails-dom-testing (~> 2.0)
    actionpack (5.0.7)
      actionview (= 5.0.7)
      activesupport (= 5.0.7)
      rack (~> 2.0)
      rack-test (~> 0.6.3)
      rails-dom-testing (~> 2.0)
      rails-html-sanitizer (~> 1.0, >= 1.0.2)
    actionview (5.0.7)
      activesupport (= 5.0.7)
      builder (~> 3.1)
      erubis (~> 2.7.0)
      rails-dom-testing (~> 2.0)
      rails-html-sanitizer (~> 1.0, >= 1.0.3)
    activejob (5.0.7)
      activesupport (= 5.0.7)
      globalid (>= 0.3.6)
    activemodel (5.0.7)
      activesupport (= 5.0.7)
    activerecord (5.0.7)
      activemodel (= 5.0.7)
      activesupport (= 5.0.7)
      arel (~> 7.0)
    activesupport (5.0.7)
      concurrent-ruby (~> 1.0, >= 1.0.2)
      i18n (>= 0.7, < 2)
      minitest (~> 5.1)
      tzinfo (~> 1.1)
    addressable (2.5.2)
      public_suffix (>= 2.0.2, < 4.0)
    arel (7.1.4)
    autoprefixer-rails (8.2.0)
      execjs
    bcrypt (3.1.11)
    bindex (0.5.0)
    bootstrap (4.0.0)
      autoprefixer-rails (>= 6.0.3)
      popper_js (>= 1.12.9, < 2)
      sass (>= 3.5.2)
    bootstrap4-kaminari-views (1.0.0)
      kaminari (>= 0.13)
      rails (>= 3.1)
    builder (3.2.3)
    byebug (10.0.2)
    capybara (3.0.0)
      addressable
      mini_mime (>= 0.1.3)
      nokogiri (~> 1.8)
      rack (>= 1.6.0)
      rack-test (>= 0.6.3)
      xpath (~> 3.0)
    chronic (0.10.2)
    coderay (1.1.2)
    coffee-rails (4.2.2)
      coffee-script (>= 2.2.0)
      railties (>= 4.0.0)
    coffee-script (2.4.1)
      coffee-script-source
      execjs
    coffee-script-source (1.12.2)
    concurrent-ruby (1.0.5)
    crack (0.4.3)
      safe_yaml (~> 1.0.0)
    crass (1.0.3)
    database_cleaner (1.6.2)
    declarative (0.0.10)
    declarative-option (0.1.0)
    devise (4.4.3)
      bcrypt (~> 3.0)
      orm_adapter (~> 0.1)
      railties (>= 4.1.0, < 6.0)
      responders
      warden (~> 1.2.3)
    diff-lcs (1.3)
    erubis (2.7.0)
    execjs (2.7.0)
    factory_bot (4.8.2)
      activesupport (>= 3.0.0)
    factory_bot_rails (4.8.2)
      factory_bot (~> 4.8.2)
      railties (>= 3.0.0)
    faker (1.8.7)
      i18n (>= 0.7)
    faraday (0.12.2)
      multipart-post (>= 1.2, < 3)
    fcm (0.0.2)
      httparty
      json
    ffi (1.9.23)
    formatador (0.2.5)
    globalid (0.4.1)
      activesupport (>= 4.2.0)
    google-api-client (0.13.6)
      addressable (~> 2.5, >= 2.5.1)
      googleauth (~> 0.5)
      httpclient (>= 2.8.1, < 3.0)
      mime-types (~> 3.0)
      representable (~> 3.0)
      retriable (>= 2.0, < 4.0)
    googleauth (0.6.2)
      faraday (~> 0.12)
      jwt (>= 1.4, < 3.0)
      logging (~> 2.0)
      memoist (~> 0.12)
      multi_json (~> 1.11)
      os (~> 0.9)
      signet (~> 0.7)
    guard (2.14.2)
      formatador (>= 0.2.4)
      listen (>= 2.7, < 4.0)
      lumberjack (>= 1.0.12, < 2.0)
      nenv (~> 0.1)
      notiffany (~> 0.0)
      pry (>= 0.9.12)
      shellany (~> 0.0)
      thor (>= 0.18.1)
    guard-compat (1.2.1)
    guard-rspec (4.7.3)
      guard (~> 2.1)
      guard-compat (~> 1.1)
      rspec (>= 2.99.0, < 4.0)
    hashdiff (0.3.7)
    hashie (3.5.7)
    httparty (0.16.2)
      multi_xml (>= 0.5.2)
    httpclient (2.8.3)
    i18n (1.0.0)
      concurrent-ruby (~> 1.0)
    jbuilder (2.7.0)
      activesupport (>= 4.2.0)
      multi_json (>= 1.2)
    jquery-rails (4.3.1)
      rails-dom-testing (>= 1, < 3)
      railties (>= 4.2.0)
      thor (>= 0.14, < 2.0)
    jquery-ui-rails (6.0.1)
      railties (>= 3.2.16)
    json (2.1.0)
    jwt (1.5.6)
    kaminari (0.17.0)
      actionpack (>= 3.0.0)
      activesupport (>= 3.0.0)
    libv8 (3.16.14.19)
    listen (3.0.8)
      rb-fsevent (~> 0.9, >= 0.9.4)
      rb-inotify (~> 0.9, >= 0.9.7)
    little-plugger (1.1.4)
    logging (2.2.2)
      little-plugger (~> 1.1)
      multi_json (~> 1.10)
    loofah (2.2.2)
      crass (~> 1.0.2)
      nokogiri (>= 1.5.9)
    lumberjack (1.0.13)
    mail (2.7.0)
      mini_mime (>= 0.1.1)
    memoist (0.16.0)
    method_source (0.9.0)
    mime-types (3.1)
      mime-types-data (~> 3.2015)
    mime-types-data (3.2016.0521)
    mina (1.2.3)
      open4 (~> 1.3.4)
      rake
    mina-multistage (1.0.3)
      mina (~> 1.0)
    mina-puma (1.1.0)
      mina (~> 1.2.0)
      puma (>= 2.13)
    mini_mime (1.0.0)
    mini_portile2 (2.3.0)
    minitest (5.11.3)
    multi_json (1.13.1)
    multi_xml (0.6.0)
    multipart-post (2.0.0)
    nenv (0.3.0)
    nio4r (2.3.0)
    nokogiri (1.8.2)
      mini_portile2 (~> 2.3.0)
    notiffany (0.1.1)
      nenv (~> 0.1)
      shellany (~> 0.0)
    oauth2 (1.4.0)
      faraday (>= 0.8, < 0.13)
      jwt (~> 1.0)
      multi_json (~> 1.3)
      multi_xml (~> 0.5)
      rack (>= 1.2, < 3)
    omniauth (1.8.1)
      hashie (>= 3.4.6, < 3.6.0)
      rack (>= 1.6.2, < 3)
    omniauth-google-oauth2 (0.5.3)
      jwt (>= 1.5)
      omniauth (>= 1.1.1)
      omniauth-oauth2 (>= 1.5)
    omniauth-oauth2 (1.5.0)
      oauth2 (~> 1.1)
      omniauth (~> 1.2)
    open4 (1.3.4)
    orm_adapter (0.5.0)
    os (0.9.6)
    pg (0.21.0)
    popper_js (1.12.9)
    pry (0.11.3)
      coderay (~> 1.1.0)
      method_source (~> 0.9.0)
    public_suffix (3.0.2)
    puma (3.11.3)
    rack (2.0.4)
    rack-cors (1.0.2)
    rack-test (0.6.3)
      rack (>= 1.0)
    rails (5.0.7)
      actioncable (= 5.0.7)
      actionmailer (= 5.0.7)
      actionpack (= 5.0.7)
      actionview (= 5.0.7)
      activejob (= 5.0.7)
      activemodel (= 5.0.7)
      activerecord (= 5.0.7)
      activesupport (= 5.0.7)
      bundler (>= 1.3.0)
      railties (= 5.0.7)
      sprockets-rails (>= 2.0.0)
    rails-dom-testing (2.0.3)
      activesupport (>= 4.2.0)
      nokogiri (>= 1.6)
    rails-html-sanitizer (1.0.4)
      loofah (~> 2.2, >= 2.2.2)
    railties (5.0.7)
      actionpack (= 5.0.7)
      activesupport (= 5.0.7)
      method_source
      rake (>= 0.8.7)
      thor (>= 0.18.1, < 2.0)
    rake (12.3.1)
    rb-fsevent (0.10.3)
    rb-inotify (0.9.10)
      ffi (>= 0.5.0, < 2)
    ref (2.0.0)
    representable (3.0.4)
      declarative (< 0.1.0)
      declarative-option (< 0.2.0)
      uber (< 0.2.0)
    responders (2.4.0)
      actionpack (>= 4.2.0, < 5.3)
      railties (>= 4.2.0, < 5.3)
    retriable (3.1.1)
    rspec (3.7.0)
      rspec-core (~> 3.7.0)
      rspec-expectations (~> 3.7.0)
      rspec-mocks (~> 3.7.0)
    rspec-core (3.7.1)
      rspec-support (~> 3.7.0)
    rspec-expectations (3.7.0)
      diff-lcs (>= 1.2.0, < 2.0)
      rspec-support (~> 3.7.0)
    rspec-mocks (3.7.0)
      diff-lcs (>= 1.2.0, < 2.0)
      rspec-support (~> 3.7.0)
    rspec-rails (3.7.2)
      actionpack (>= 3.0)
      activesupport (>= 3.0)
      railties (>= 3.0)
      rspec-core (~> 3.7.0)
      rspec-expectations (~> 3.7.0)
      rspec-mocks (~> 3.7.0)
      rspec-support (~> 3.7.0)
    rspec-support (3.7.1)
    rufo (0.3.0)
    safe_yaml (1.0.4)
    sass (3.5.6)
      sass-listen (~> 4.0.0)
    sass-listen (4.0.0)
      rb-fsevent (~> 0.9, >= 0.9.4)
      rb-inotify (~> 0.9, >= 0.9.7)
    sass-rails (5.0.7)
      railties (>= 4.0.0, < 6)
      sass (~> 3.1)
      sprockets (>= 2.8, < 4.0)
      sprockets-rails (>= 2.0, < 4.0)
      tilt (>= 1.1, < 3)
    shellany (0.0.1)
    shoulda-matchers (3.1.2)
      activesupport (>= 4.0.0)
    signet (0.8.1)
      addressable (~> 2.3)
      faraday (~> 0.9)
      jwt (>= 1.5, < 3.0)
      multi_json (~> 1.10)
    simple_command (0.0.9)
    spring (2.0.2)
      activesupport (>= 4.2)
    spring-commands-rspec (1.0.4)
      spring (>= 0.9.1)
    spring-watcher-listen (2.0.1)
      listen (>= 2.7, < 4.0)
      spring (>= 1.2, < 3.0)
    sprockets (3.7.1)
      concurrent-ruby (~> 1.0)
      rack (> 1, < 3)
    sprockets-rails (3.2.1)
      actionpack (>= 4.0)
      activesupport (>= 4.0)
      sprockets (>= 3.0.0)
    therubyracer (0.12.3)
      libv8 (~> 3.16.14.15)
      ref
    thor (0.20.0)
    thread_safe (0.3.6)
    tilt (2.0.8)
    tzinfo (1.2.5)
      thread_safe (~> 0.1)
    uber (0.0.15)
    uglifier (4.1.8)
      execjs (>= 0.3.0, < 3)
    warden (1.2.7)
      rack (>= 1.0)
    web-console (3.5.1)
      actionview (>= 5.0)
      activemodel (>= 5.0)
      bindex (>= 0.4.0)
      railties (>= 5.0)
    webmock (2.3.2)
      addressable (>= 2.3.6)
      crack (>= 0.3.2)
      hashdiff
    websocket-driver (0.6.5)
      websocket-extensions (>= 0.1.0)
    websocket-extensions (0.1.3)
    whenever (0.10.0)
      chronic (>= 0.6.3)
    xpath (3.0.0)
      nokogiri (~> 1.8)

PLATFORMS
  ruby

DEPENDENCIES
  bootstrap (~> 4.0.0)
  bootstrap4-kaminari-views
  byebug
  capybara
  coffee-rails (~> 4.2)
  database_cleaner
  devise
  factory_bot (= 4.8.2)
  factory_bot_rails
  faker
  fcm
  google-api-client (~> 0.13.6)
  guard-rspec
  jbuilder (~> 2.5)
  jquery-rails
  jquery-ui-rails
  jwt
  kaminari (~> 0.17.0)
  listen (~> 3.0.5)
  mina
  mina-multistage
  mina-puma
  omniauth-google-oauth2
  pg (~> 0.21.0)
  pry
  public_suffix
  puma (~> 3.0)
  rack-cors
  rails (~> 5.0.6)
  rspec-mocks (= 3.7.0)
  rspec-rails (~> 3.6)
  rufo
  sass-rails (~> 5.0)
  shoulda-matchers (= 3.1.2)
  simple_command
  spring
  spring-commands-rspec
  spring-watcher-listen (~> 2.0.0)
  therubyracer
  tzinfo-data
  uglifier (>= 1.3.0)
  web-console (>= 3.3.0)
  webmock (~> 2.1)
  whenever

BUNDLED WITH
   1.16.1
